GEM
  remote: https://rubygems.org/
  specs:
    bson (1.9.2)
    bson_ext (1.9.2)
      bson (~> 1.9.2)
    mongo (1.9.2)
      bson (~> 1.9.2)
    nokogiri (1.5.6)
    rack (1.5.2)
    shotgun (0.9)
      rack (>= 1.0)
    sinatra (1.1.0)
      rack (~> 1.1)
      tilt (~> 1.1)
    tilt (1.4.1)

PLATFORMS
  ruby

DEPENDENCIES
  bson_ext (= 1.9.2)
  mongo (= 1.9.2)
  nokogiri (= 1.5.6)
  shotgun (= 0.9)
  sinatra (= 1.1.0)
