GEM
  remote: https://rubygems.org/
  specs:
    json (1.7.6)
    nokogiri (1.5.6)
    rack (1.5.2)
    sinatra (1.1.0)
      rack (~> 1.1)
      tilt (~> 1.1)
    tilt (1.4.1)

PLATFORMS
  ruby

DEPENDENCIES
  json
  nokogiri (= 1.5.6)
  sinatra (= 1.1.0)
